PATH
  remote: .
  specs:
    asciidoctor-multirole_table (0.1.0)
      asciidoctor (~> 2.0.8)

GEM
  remote: https://rubygems.org/
  specs:
    asciidoctor (2.0.8)
    rake (13.0.1)

PLATFORMS
  ruby

DEPENDENCIES
  asciidoctor-multirole_table!
  bundler (~> 2.0)
  rake (~> 13.0)

BUNDLED WITH
   2.0.1
